GEM
  remote: http://rubygems.org/
  specs:
    eventmachine (0.12.10)
    mixology (0.2.0)
    redis (2.2.0)

PLATFORMS
  ruby

DEPENDENCIES
  eventmachine
  mixology
  redis
